PATH
  remote: .
  specs:
    sipu (0.1.0)

GEM
  remote: https://rubygems.org/
  specs:
    minitest (5.25.4)
    rake (13.2.1)

PLATFORMS
  arm64-darwin-24
  ruby

DEPENDENCIES
  minitest (~> 5.16)
  rake (~> 13.0)
  sipu!

BUNDLED WITH
   2.5.23
